GIT
  remote: https://github.com/paulholden2/smartsheet-ruby-sdk.git
  revision: 1017e8f8bd68f4cffecea16a2c517211027331e4
  specs:
    smartsheet (2.86.1)
      awrence (~> 1.0)
      faraday (~> 1.0)
      faraday_middleware (~> 1.0)
      plissken (~> 1.2)

GEM
  remote: https://rubygems.org/
  specs:
    awrence (1.1.1)
    dotenv (2.7.6)
    faraday (1.0.1)
      multipart-post (>= 1.2, < 3)
    faraday_middleware (1.0.0)
      faraday (~> 1.0)
    multipart-post (2.1.1)
    plissken (1.3.1)
    prontoforms (0.3.1)
      faraday (~> 1.0)

PLATFORMS
  ruby

DEPENDENCIES
  dotenv
  prontoforms (~> 0.3)
  smartsheet!

BUNDLED WITH
   2.1.4
